GEM
  remote: https://rubygems.org/
  specs:
    activemodel (4.0.0)
      activesupport (= 4.0.0)
      builder (~> 3.1.0)
    activerecord (4.0.0)
      activemodel (= 4.0.0)
      activerecord-deprecated_finders (~> 1.0.2)
      activesupport (= 4.0.0)
      arel (~> 4.0.0)
    activerecord-deprecated_finders (1.0.3)
    activesupport (4.0.0)
      i18n (~> 0.6, >= 0.6.4)
      minitest (~> 4.2)
      multi_json (~> 1.3)
      thread_safe (~> 0.1)
      tzinfo (~> 0.3.37)
    addressable (2.3.5)
    arel (4.0.0)
    atomic (1.1.14)
    builder (3.1.4)
    chunky_png (1.2.8)
    columnize (0.3.6)
    compass (0.12.2)
      chunky_png (~> 1.2)
      fssm (>= 0.2.7)
      sass (~> 3.1)
    coveralls (0.7.0)
      multi_json (~> 1.3)
      rest-client
      simplecov (>= 0.7)
      term-ansicolor
      thor
    crack (0.4.1)
      safe_yaml (~> 0.9.0)
    debugger (1.6.2)
      columnize (>= 0.3.1)
      debugger-linecache (~> 1.2.0)
      debugger-ruby_core_source (~> 1.2.3)
    debugger-linecache (1.2.0)
    debugger-ruby_core_source (1.2.3)
    diff-lcs (1.2.4)
    factory_girl (4.2.0)
      activesupport (>= 3.0.0)
    fssm (0.2.10)
    git (1.2.6)
    haml (4.0.3)
      tilt
    i18n (0.6.5)
    karousel (0.9.14)
    mime-types (1.25)
    mini_portile (0.5.1)
    minitest (4.7.5)
    multi_json (1.8.0)
    mysql2 (0.3.13)
    nokogiri (1.6.0)
      mini_portile (~> 0.5.0)
    rack (1.5.2)
    rack-protection (1.5.0)
      rack
    rack-test (0.6.2)
      rack (>= 1.0)
    rack-timeout (0.0.4)
    rake (10.1.0)
    rest-client (1.6.7)
      mime-types (>= 1.16)
    rr (1.1.2)
    rspec (2.14.1)
      rspec-core (~> 2.14.0)
      rspec-expectations (~> 2.14.0)
      rspec-mocks (~> 2.14.0)
    rspec-core (2.14.5)
    rspec-expectations (2.14.3)
      diff-lcs (>= 1.1.3, < 2.0)
    rspec-mocks (2.14.3)
    safe_yaml (0.9.7)
    sass (3.2.10)
    simplecov (0.7.1)
      multi_json (~> 1.0)
      simplecov-html (~> 0.7.1)
    simplecov-html (0.7.1)
    sinatra (1.4.3)
      rack (~> 1.4)
      rack-protection (~> 1.4)
      tilt (~> 1.3, >= 1.3.4)
    sinatra-activerecord (1.2.3)
      activerecord (>= 3.0)
      sinatra (~> 1.0)
    tag_along (0.8.1)
    term-ansicolor (1.2.2)
      tins (~> 0.8)
    thor (0.18.1)
    thread_safe (0.1.3)
      atomic
    tilt (1.4.1)
    tins (0.11.0)
    tzinfo (0.3.37)
    webmock (1.13.0)
      addressable (>= 2.2.7)
      crack (>= 0.3.2)
    zen-grids (1.4)
      sass (>= 3.1)

PLATFORMS
  ruby

DEPENDENCIES
  activerecord (~> 4.0)
  compass (~> 0.12)
  coveralls (~> 0.7)
  debugger (~> 1.6)
  factory_girl (~> 4.2)
  git (~> 1.2)
  haml (~> 4.0)
  karousel (~> 0.9)
  mysql2 (~> 0.3)
  nokogiri (~> 1.6)
  rack (~> 1.5)
  rack-test (~> 0.6)
  rack-timeout (~> 0.0.4)
  rake (~> 10.1)
  rest-client (~> 1.6)
  rr (~> 1.1)
  rspec (~> 2.14)
  sass (~> 3.2)
  sinatra (~> 1.4)
  sinatra-activerecord (~> 1.2)
  tag_along (~> 0.8)
  webmock (~> 1.13)
  zen-grids (~> 1.4)
