GIT
  remote: https://github.com/lwalley/hipos.git
  revision: 7165e8ea941391de5eb1a2bdab3c658264cdd2cd
  tag: v0.0.0
  specs:
    hipos (0.0.0)

GEM
  remote: https://rubygems.org/
  specs:
    activemodel (4.0.2)
      activesupport (= 4.0.2)
      builder (~> 3.1.0)
    activerecord (4.0.2)
      activemodel (= 4.0.2)
      activerecord-deprecated_finders (~> 1.0.2)
      activesupport (= 4.0.2)
      arel (~> 4.0.0)
    activerecord-deprecated_finders (1.0.3)
    activesupport (4.0.2)
      i18n (~> 0.6, >= 0.6.4)
      minitest (~> 4.2)
      multi_json (~> 1.3)
      thread_safe (~> 0.1)
      tzinfo (~> 0.3.37)
    addressable (2.3.5)
    archive-tar-minitar (0.5.2)
    arel (4.0.1)
    atomic (1.1.14)
    biodiversity (3.1.4)
      parallel (~> 0.7)
      treetop (~> 1.4)
      unicode_utils (~> 1.4)
    builder (3.1.4)
    chunky_png (1.2.9)
    columnize (0.3.6)
    compass (0.12.2)
      chunky_png (~> 1.2)
      fssm (>= 0.2.7)
      sass (~> 3.1)
    coveralls (0.7.0)
      multi_json (~> 1.3)
      rest-client
      simplecov (>= 0.7)
      term-ansicolor
      thor
    crack (0.4.1)
      safe_yaml (~> 0.9.0)
    debugger (1.6.5)
      columnize (>= 0.3.1)
      debugger-linecache (~> 1.2.0)
      debugger-ruby_core_source (~> 1.3.1)
    debugger-linecache (1.2.0)
    debugger-ruby_core_source (1.3.1)
    diff-lcs (1.2.5)
    docile (1.1.2)
    dwc-archive (0.9.11)
      archive-tar-minitar (~> 0.5)
      nokogiri (~> 1.6)
      parsley-store (~> 0.3)
    factory_girl (4.3.0)
      activesupport (>= 3.0.0)
    fssm (0.2.10)
    git (1.2.6)
    haml (4.0.5)
      tilt
    i18n (0.6.9)
    json (1.8.1)
    karousel (0.9.14)
    kgio (2.8.1)
    mime-types (2.0)
    mini_portile (0.5.2)
    minitest (4.7.5)
    multi_json (1.8.4)
    mysql2 (0.3.14)
    nokogiri (1.6.1)
      mini_portile (~> 0.5.0)
    parallel (0.9.2)
    parsley-store (0.3.5)
      biodiversity (~> 3.1)
      redis (~> 3.0)
    polyglot (0.3.3)
    rack (1.5.2)
    rack-protection (1.5.2)
      rack
    rack-test (0.6.2)
      rack (>= 1.0)
    rack-timeout (0.0.4)
    raindrops (0.12.0)
    rake (10.1.1)
    redis (3.0.7)
    rest-client (1.6.7)
      mime-types (>= 1.16)
    rr (1.1.2)
    rspec (2.14.1)
      rspec-core (~> 2.14.0)
      rspec-expectations (~> 2.14.0)
      rspec-mocks (~> 2.14.0)
    rspec-core (2.14.7)
    rspec-expectations (2.14.4)
      diff-lcs (>= 1.1.3, < 2.0)
    rspec-mocks (2.14.4)
    safe_yaml (0.9.7)
    sass (3.2.13)
    simplecov (0.8.2)
      docile (~> 1.1.0)
      multi_json
      simplecov-html (~> 0.8.0)
    simplecov-html (0.8.0)
    sinatra (1.4.4)
      rack (~> 1.4)
      rack-protection (~> 1.4)
      tilt (~> 1.3, >= 1.3.4)
    sinatra-activerecord (1.2.3)
      activerecord (>= 3.0)
      sinatra (~> 1.0)
    tag_along (0.8.3)
      json (~> 1.7)
    term-ansicolor (1.2.2)
      tins (~> 0.8)
    thor (0.18.1)
    thread_safe (0.1.3)
      atomic
    tilt (1.4.1)
    tins (0.13.1)
    treetop (1.4.15)
      polyglot
      polyglot (>= 0.3.1)
    tzinfo (0.3.38)
    unicode_utils (1.4.0)
    unicorn (4.8.0)
      kgio (~> 2.6)
      rack
      raindrops (~> 0.7)
    webmock (1.17.1)
      addressable (>= 2.2.7)
      crack (>= 0.3.2)
    zen-grids (1.4)
      sass (>= 3.1)

PLATFORMS
  ruby

DEPENDENCIES
  activerecord (~> 4.0)
  compass (~> 0.12)
  coveralls (~> 0.7)
  debugger (~> 1.6)
  dwc-archive (~> 0.9)
  factory_girl (~> 4.3)
  git (~> 1.2)
  haml (~> 4.0)
  hipos!
  karousel (~> 0.9)
  mysql2 (~> 0.3)
  nokogiri (~> 1.6)
  rack (~> 1.5)
  rack-test (~> 0.6)
  rack-timeout (~> 0.0.4)
  rake (~> 10.1)
  rest-client (~> 1.6)
  rr (~> 1.1)
  rspec (~> 2.14)
  sass (~> 3.2)
  sinatra (~> 1.4)
  sinatra-activerecord (~> 1.2)
  tag_along (~> 0.8)
  unicorn (~> 4.7)
  webmock (~> 1.17)
  zen-grids (~> 1.4)
